GIT
  remote: git://github.com/haml/html2haml.git
  revision: 3aee30000f4383fdb594d567d763385454b0d8d9
  specs:
    html2haml (1.0.0.beta.1)
      haml (>= 3.2.0.beta.1)
      hpricot

GIT
  remote: git://github.com/rails-api/active_model_serializers.git
  revision: d030cd99cfff57310904c5d03b709281267cf9ef
  specs:
    active_model_serializers (0.5.2)
      activemodel (>= 3.0)

GIT
  remote: git://github.com/ryanb/nested_form.git
  revision: f6744578d25a73c23608668fde2a20f7ae9d7d77
  specs:
    nested_form (0.3.1)

GEM
  remote: http://rubygems.org/
  specs:
    actionmailer (3.2.11)
      actionpack (= 3.2.11)
      mail (~> 2.4.4)
    actionpack (3.2.11)
      activemodel (= 3.2.11)
      activesupport (= 3.2.11)
      builder (~> 3.0.0)
      erubis (~> 2.7.0)
      journey (~> 1.0.4)
      rack (~> 1.4.0)
      rack-cache (~> 1.2)
      rack-test (~> 0.6.1)
      sprockets (~> 2.2.1)
    activemodel (3.2.11)
      activesupport (= 3.2.11)
      builder (~> 3.0.0)
    activerecord (3.2.11)
      activemodel (= 3.2.11)
      activesupport (= 3.2.11)
      arel (~> 3.0.2)
      tzinfo (~> 0.3.29)
    activeresource (3.2.11)
      activemodel (= 3.2.11)
      activesupport (= 3.2.11)
    activesupport (3.2.11)
      i18n (~> 0.6)
      multi_json (~> 1.0)
    acts-as-taggable-on (2.3.3)
      rails (~> 3.0)
    addressable (2.3.2)
    arel (3.0.2)
    bcrypt-ruby (3.0.1)
    bootstrap-sass (2.2.2.0)
      sass (~> 3.2)
    breadcrumbs_on_rails (2.3.0)
    builder (3.0.4)
    capybara (2.0.2)
      mime-types (>= 1.16)
      nokogiri (>= 1.3.3)
      rack (>= 1.0.0)
      rack-test (>= 0.5.4)
      selenium-webdriver (~> 2.0)
      xpath (~> 1.0.0)
    capybara-webkit (0.14.1)
      capybara (~> 2.0, >= 2.0.2)
      json
    carrierwave (0.7.1)
      activemodel (>= 3.2.0)
      activesupport (>= 3.2.0)
    childprocess (0.3.6)
      ffi (~> 1.0, >= 1.0.6)
    coderay (1.0.8)
    coffee-rails (3.2.2)
      coffee-script (>= 2.2.0)
      railties (~> 3.2.0)
    coffee-script (2.2.0)
      coffee-script-source
      execjs
    coffee-script-source (1.4.0)
    cucumber (1.2.1)
      builder (>= 2.1.2)
      diff-lcs (>= 1.1.3)
      gherkin (~> 2.11.0)
      json (>= 1.4.6)
    dalli (2.2.1)
    database_cleaner (0.9.1)
    devise (2.1.2)
      bcrypt-ruby (~> 3.0)
      orm_adapter (~> 0.1)
      railties (~> 3.1)
      warden (~> 1.2.1)
    diff-lcs (1.1.3)
    dynamic_form (1.1.4)
    erubis (2.7.0)
    excon (0.16.10)
    execjs (1.4.0)
      multi_json (~> 1.0)
    factory_girl (4.1.0)
      activesupport (>= 3.0.0)
    factory_girl_rails (4.1.0)
      factory_girl (~> 4.1.0)
      railties (>= 3.0.0)
    ffi (1.3.1)
    fog (1.8.0)
      builder
      excon (~> 0.14)
      formatador (~> 0.2.0)
      mime-types
      multi_json (~> 1.0)
      net-scp (~> 1.0.4)
      net-ssh (>= 2.1.3)
      nokogiri (~> 1.5.0)
      ruby-hmac
    formatador (0.2.4)
    formtastic (2.2.1)
      actionpack (>= 3.0)
    formtastic-plus-bootstrap (1.1.4)
      bootstrap-sass (~> 2.2.2)
      formtastic (~> 2.2)
      railties (>= 3.1.0)
      sass-rails
    fuubar (1.1.0)
      rspec (~> 2.0)
      rspec-instafail (~> 0.2.0)
      ruby-progressbar (~> 1.0.0)
    fuubar-cucumber (0.0.18)
      cucumber (~> 1.2.0)
      ruby-progressbar (~> 1.0.0)
    gherkin (2.11.5)
      json (>= 1.4.6)
    haml (3.2.0.rc.2)
      tilt
    haml-rails (0.3.5)
      actionpack (>= 3.1, < 4.1)
      activesupport (>= 3.1, < 4.1)
      haml (~> 3.1)
      railties (>= 3.1, < 4.1)
    hike (1.2.1)
    hpricot (0.8.6)
    httparty (0.10.0)
      multi_json (~> 1.0)
      multi_xml
    i18n (0.6.1)
    ice_cube (0.9.3)
    journey (1.0.4)
    jquery-datatables-rails (1.11.2)
      jquery-rails
    jquery-rails (2.1.4)
      railties (>= 3.0, < 5.0)
      thor (>= 0.14, < 2.0)
    jquery-ui-rails (3.0.1)
      jquery-rails
      railties (>= 3.1.0)
    jquery-ui-themes (0.0.8)
      httparty
    json (1.7.6)
    kgio (2.7.4)
    ledermann-rails-settings (1.2.0)
      activerecord (>= 2.3)
    libwebsocket (0.1.7.1)
      addressable
      websocket
    mail (2.4.4)
      i18n (>= 0.4.0)
      mime-types (~> 1.16)
      treetop (~> 1.4.8)
    method_source (0.8.1)
    mime-types (1.19)
    multi_json (1.5.0)
    multi_xml (0.5.2)
    net-scp (1.0.4)
      net-ssh (>= 1.99.1)
    net-ssh (2.6.3)
    nokogiri (1.5.6)
    orm_adapter (0.4.0)
    pg (0.14.1)
    polyamorous (0.5.0)
      activerecord (~> 3.0)
    polyglot (0.3.3)
    pry (0.9.11.2)
      coderay (~> 1.0.5)
      method_source (~> 0.8)
      slop (~> 3.4)
    rack (1.4.4)
    rack-cache (1.2)
      rack (>= 0.4)
    rack-ssl (1.3.2)
      rack
    rack-test (0.6.2)
      rack (>= 1.0)
    rails (3.2.11)
      actionmailer (= 3.2.11)
      actionpack (= 3.2.11)
      activerecord (= 3.2.11)
      activeresource (= 3.2.11)
      activesupport (= 3.2.11)
      bundler (~> 1.0)
      railties (= 3.2.11)
    rails3-jquery-autocomplete (1.0.10)
      rails (~> 3.0)
    railties (3.2.11)
      actionpack (= 3.2.11)
      activesupport (= 3.2.11)
      rack-ssl (~> 1.3.2)
      rake (>= 0.8.7)
      rdoc (~> 3.4)
      thor (>= 0.14.6, < 2.0)
    raindrops (0.10.0)
    rake (10.0.3)
    ransack (0.7.2)
      actionpack (~> 3.0)
      activerecord (~> 3.0)
      polyamorous (~> 0.5.0)
    rdiscount (1.6.8)
    rdoc (3.12)
      json (~> 1.4)
    rmagick (2.13.1)
    rspec (2.12.0)
      rspec-core (~> 2.12.0)
      rspec-expectations (~> 2.12.0)
      rspec-mocks (~> 2.12.0)
    rspec-core (2.12.2)
    rspec-expectations (2.12.1)
      diff-lcs (~> 1.1.3)
    rspec-instafail (0.2.4)
    rspec-mocks (2.12.1)
    rspec-rails (2.12.2)
      actionpack (>= 3.0)
      activesupport (>= 3.0)
      railties (>= 3.0)
      rspec-core (~> 2.12.0)
      rspec-expectations (~> 2.12.0)
      rspec-mocks (~> 2.12.0)
    ruby-hmac (0.4.0)
    ruby-progressbar (1.0.2)
    ruby_parser (3.1.1)
      sexp_processor (~> 4.1)
    rubyzip (0.9.9)
    sass (3.2.5)
    sass-rails (3.2.5)
      railties (~> 3.2.0)
      sass (>= 3.1.10)
      tilt (~> 1.3)
    selenium-webdriver (2.27.2)
      childprocess (>= 0.2.5)
      libwebsocket (~> 0.1.3)
      multi_json (~> 1.0)
      rubyzip
    sexp_processor (4.1.3)
    sextant (0.2.1)
      activesupport (>= 3.2)
      rails (>= 3.2)
    shoulda-matchers (1.3.0)
      activesupport (>= 3.0.0)
    slop (3.4.3)
    sprockets (2.2.2)
      hike (~> 1.2)
      multi_json (~> 1.0)
      rack (~> 1.0)
      tilt (~> 1.1, != 1.3.0)
    thor (0.16.0)
    tilt (1.3.3)
    treetop (1.4.12)
      polyglot
      polyglot (>= 0.3.1)
    tzinfo (0.3.35)
    uglifier (1.0.4)
      execjs (>= 0.3.0)
      multi_json (>= 1.0.2)
    unicorn (4.5.0)
      kgio (~> 2.6)
      rack
      raindrops (~> 0.7)
    warden (1.2.1)
      rack (>= 1.0)
    websocket (1.0.6)
    xpath (1.0.0)
      nokogiri (~> 1.3)

PLATFORMS
  ruby

DEPENDENCIES
  active_model_serializers!
  acts-as-taggable-on (~> 2.3.1)
  breadcrumbs_on_rails (~> 2.3.0)
  capybara (~> 2.0.2)
  capybara-webkit (~> 0.14.0)
  carrierwave (~> 0.7.1)
  coffee-rails (~> 3.2.1)
  dalli (~> 2.2.1)
  database_cleaner (~> 0.9.1)
  devise (~> 2.1.2)
  dynamic_form (~> 1.1.4)
  factory_girl_rails (~> 4.1.0)
  fog (~> 1.8.0)
  formtastic (~> 2.2.1)
  formtastic-plus-bootstrap (~> 1.1.4)
  fuubar (~> 1.1.0)
  fuubar-cucumber (~> 0.0.18)
  haml (~> 3.2.0.rc.2)
  haml-rails
  hpricot (~> 0.8.6)
  html2haml!
  ice_cube (~> 0.9.3)
  jquery-datatables-rails
  jquery-rails
  jquery-ui-rails
  jquery-ui-themes
  json (~> 1.7.6)
  ledermann-rails-settings
  mime-types (~> 1.19)
  nested_form!
  pg (~> 0.14.1)
  pry (~> 0.9.8)
  rails (= 3.2.11)
  rails3-jquery-autocomplete
  ransack (~> 0.7.2)
  rdiscount (~> 1.6.8)
  rmagick (~> 2.13.1)
  rspec-rails (~> 2.12.0)
  ruby_parser (~> 3.1.1)
  sass-rails (~> 3.2.3)
  sextant
  shoulda-matchers (~> 1.3.0)
  uglifier (~> 1.0.3)
  unicorn (~> 4.5.0)
